GEM
  remote: https://rubygems.org/
  specs:
    celluloid (0.17.2)
      celluloid-essentials
      celluloid-extras
      celluloid-fsm
      celluloid-pool
      celluloid-supervision
      timers (>= 4.1.1)
    celluloid-essentials (0.20.5)
      timers (>= 4.1.1)
    celluloid-extras (0.20.5)
      timers (>= 4.1.1)
    celluloid-fsm (0.20.5)
      timers (>= 4.1.1)
    celluloid-pool (0.20.5)
      timers (>= 4.1.1)
    celluloid-supervision (0.20.5)
      timers (>= 4.1.1)
    connection_pool (2.2.0)
    hitimes (1.2.3)
    json (1.8.3)
    kgio (2.10.0)
    rack (1.6.4)
    rack-protection (1.5.3)
      rack
    raindrops (0.15.0)
    redis (3.2.1)
    redis-namespace (1.5.2)
      redis (~> 3.0, >= 3.0.4)
    sidekiq (3.5.1)
      celluloid (~> 0.17.2)
      connection_pool (~> 2.2, >= 2.2.0)
      json (~> 1.0)
      redis (~> 3.2, >= 3.2.1)
      redis-namespace (~> 1.5, >= 1.5.2)
    sinatra (1.4.6)
      rack (~> 1.4)
      rack-protection (~> 1.4)
      tilt (>= 1.3, < 3)
    tilt (2.0.1)
    timers (4.1.1)
      hitimes
    unicorn (4.9.0)
      kgio (~> 2.6)
      rack
      raindrops (~> 0.7)

PLATFORMS
  ruby

DEPENDENCIES
  sidekiq
  sinatra
  unicorn

BUNDLED WITH
   1.10.6
